GEM
  remote: http://rubygems.org/
  specs:
    fakeweb (1.3.0)
    httparty (0.16.2)
      multi_xml (>= 0.5.2)
    metaclass (0.0.4)
    mocha (1.5.0)
      metaclass (~> 0.0.1)
    multi_xml (0.6.0)

PLATFORMS
  ruby

DEPENDENCIES
  fakeweb
  httparty
  mocha

BUNDLED WITH
   1.16.1
